PATH
  remote: .
  specs:
    mlb_stats_api (0.5.0)
      hana (~> 1.3)
      httparty (~> 0.21)
      moneta (~> 1.6)
      zeitwerk (~> 2.6)

GEM
  remote: https://rubygems.org/
  specs:
    addressable (2.8.7)
      public_suffix (>= 2.0.2, < 7.0)
    ast (2.4.3)
    bigdecimal (3.1.9)
    crack (1.0.0)
      bigdecimal
      rexml
    csv (3.3.4)
    diff-lcs (1.6.1)
    hana (1.3.7)
    hashdiff (1.1.2)
    httparty (0.23.1)
      csv
      mini_mime (>= 1.0.0)
      multi_xml (>= 0.5.2)
    json (2.11.3)
    language_server-protocol (3.17.0.4)
    lint_roller (1.1.0)
    mini_mime (1.1.5)
    moneta (1.6.0)
    multi_xml (0.7.2)
      bigdecimal (~> 3.1)
    parallel (1.27.0)
    parser (3.3.8.0)
      ast (~> 2.4.1)
      racc
    prism (1.4.0)
    public_suffix (6.0.2)
    racc (1.8.1)
    rainbow (3.1.1)
    rake (13.2.1)
    regexp_parser (2.10.0)
    rexml (3.4.1)
    rspec (3.13.0)
      rspec-core (~> 3.13.0)
      rspec-expectations (~> 3.13.0)
      rspec-mocks (~> 3.13.0)
    rspec-core (3.13.3)
      rspec-support (~> 3.13.0)
    rspec-expectations (3.13.4)
      diff-lcs (>= 1.2.0, < 2.0)
      rspec-support (~> 3.13.0)
    rspec-mocks (3.13.3)
      diff-lcs (>= 1.2.0, < 2.0)
      rspec-support (~> 3.13.0)
    rspec-support (3.13.3)
    rubocop (1.75.4)
      json (~> 2.3)
      language_server-protocol (~> 3.17.0.2)
      lint_roller (~> 1.1.0)
      parallel (~> 1.10)
      parser (>= 3.3.0.2)
      rainbow (>= 2.2.2, < 4.0)
      regexp_parser (>= 2.9.3, < 3.0)
      rubocop-ast (>= 1.44.0, < 2.0)
      ruby-progressbar (~> 1.7)
      unicode-display_width (>= 2.4.0, < 4.0)
    rubocop-ast (1.44.1)
      parser (>= 3.3.7.2)
      prism (~> 1.4)
    ruby-progressbar (1.13.0)
    unicode-display_width (3.1.4)
      unicode-emoji (~> 4.0, >= 4.0.4)
    unicode-emoji (4.0.4)
    webmock (3.25.1)
      addressable (>= 2.8.0)
      crack (>= 0.3.2)
      hashdiff (>= 0.4.0, < 2.0.0)
    zeitwerk (2.7.2)

PLATFORMS
  ruby

DEPENDENCIES
  bundler (> 2.4)
  mlb_stats_api!
  rake (> 13.0)
  rspec (~> 3.12)
  rubocop (~> 1.54)
  webmock (~> 3.18)

CHECKSUMS
  addressable (2.8.7) sha256=462986537cf3735ab5f3c0f557f14155d778f4b43ea4f485a9deb9c8f7c58232
  ast (2.4.3) sha256=954615157c1d6a382bc27d690d973195e79db7f55e9765ac7c481c60bdb4d383
  bigdecimal (3.1.9) sha256=2ffc742031521ad69c2dfc815a98e426a230a3d22aeac1995826a75dabfad8cc
  crack (1.0.0) sha256=c83aefdb428cdc7b66c7f287e488c796f055c0839e6e545fec2c7047743c4a49
  csv (3.3.4) sha256=e96ecd5a8c3494aa5b596282249daba5c6033203c199248e6146e36d2a78d8cd
  diff-lcs (1.6.1) sha256=12a5a83f3e37a8e2f4427268e305914d5f1879f22b4e73bb1a09f76a3dd86cd4
  hana (1.3.7) sha256=5425db42d651fea08859811c29d20446f16af196308162894db208cac5ce9b0d
  hashdiff (1.1.2) sha256=2c30eeded6ed3dce8401d2b5b99e6963fe5f14ed85e60dd9e33c545a44b71a77
  httparty (0.23.1) sha256=3ac1dd62f2010f6ece551716f5ceec2b2012011d89f1751917ab7f724e966b55
  json (2.11.3) sha256=9a10f658a2de67c0eb837eb795dd48132ce797c403e52b5ebef87dcdc7f9ccc1
  language_server-protocol (3.17.0.4) sha256=c484626478664fd13482d8180947c50a8590484b1258b99b7aedb3b69df89669
  lint_roller (1.1.0) sha256=2c0c845b632a7d172cb849cc90c1bce937a28c5c8ccccb50dfd46a485003cc87
  mini_mime (1.1.5) sha256=8681b7e2e4215f2a159f9400b5816d85e9d8c6c6b491e96a12797e798f8bccef
  mlb_stats_api (0.5.0)
  moneta (1.6.0) sha256=73f4dfc690399b3e5093d36f3a07c2b2dc174e414fa8e14bd90ab82b2d9644c0
  multi_xml (0.7.2) sha256=307a96dc48613badb7b2fc174fd4e62d7c7b619bc36ea33bfd0c49f64f5787ce
  parallel (1.27.0) sha256=4ac151e1806b755fb4e2dc2332cbf0e54f2e24ba821ff2d3dcf86bf6dc4ae130
  parser (3.3.8.0) sha256=2476364142b307fa5a1b1ece44f260728be23858a9c71078e956131a75453c45
  prism (1.4.0) sha256=dc0e3e00e93160213dc2a65519d9002a4a1e7b962db57d444cf1a71565bb703e
  public_suffix (6.0.2) sha256=bfa7cd5108066f8c9602e0d6d4114999a5df5839a63149d3e8b0f9c1d3558394
  racc (1.8.1) sha256=4a7f6929691dbec8b5209a0b373bc2614882b55fc5d2e447a21aaa691303d62f
  rainbow (3.1.1) sha256=039491aa3a89f42efa1d6dec2fc4e62ede96eb6acd95e52f1ad581182b79bc6a
  rake (13.2.1) sha256=46cb38dae65d7d74b6020a4ac9d48afed8eb8149c040eccf0523bec91907059d
  regexp_parser (2.10.0) sha256=cb6f0ddde88772cd64bff1dbbf68df66d376043fe2e66a9ef77fcb1b0c548c61
  rexml (3.4.1) sha256=c74527a9a0a04b4ec31dbe0dc4ed6004b960af943d8db42e539edde3a871abca
  rspec (3.13.0) sha256=d490914ac1d5a5a64a0e1400c1d54ddd2a501324d703b8cfe83f458337bab993
  rspec-core (3.13.3) sha256=25136507f4f9cf2e8977a2851e64e438b4331646054e345998714108745cdfe4
  rspec-expectations (3.13.4) sha256=4e43459765dfee900b25aa1361e106ab0799895ede65fc57872069feb559ecd8
  rspec-mocks (3.13.3) sha256=be08abadfe28e932d03b8e70215cd5972bd7693e0f1a45c7479b11e9a773c3c2
  rspec-support (3.13.3) sha256=2a61e393f6e18b7228726e0c6869c5d5a1419d37206116c4d917d145276b3f43
  rubocop (1.75.4) sha256=e0656af44d0811bb40f6d0bd4ed6c8d80c0f05f3444f0e8f0839833dd46d18c6
  rubocop-ast (1.44.1) sha256=e3cc04203b2ef04f6d6cf5f85fe6d643f442b18cc3b23e3ada0ce5b6521b8e92
  ruby-progressbar (1.13.0) sha256=80fc9c47a9b640d6834e0dc7b3c94c9df37f08cb072b7761e4a71e22cff29b33
  unicode-display_width (3.1.4) sha256=8caf2af1c0f2f07ec89ef9e18c7d88c2790e217c482bfc78aaa65eadd5415ac1
  unicode-emoji (4.0.4) sha256=2c2c4ef7f353e5809497126285a50b23056cc6e61b64433764a35eff6c36532a
  webmock (3.25.1) sha256=ab9d5d9353bcbe6322c83e1c60a7103988efc7b67cd72ffb9012629c3d396323
  zeitwerk (2.7.2) sha256=842e067cb11eb923d747249badfb5fcdc9652d6f20a1f06453317920fdcd4673

BUNDLED WITH
   2.6.8
